GEM
  remote: http://rubygems.org/
  specs:
    nokogiri (1.5.2)
    rake (0.9.2.2)

PLATFORMS
  ruby

DEPENDENCIES
  nokogiri (~> 1.5.0)
  rake (~> 0.9.2)
