GEM
  remote: http://rubygems.org/
  specs:
    nokogiri (1.5.2)
    nokogiri (1.5.2-x86-mingw32)
    rake (0.9.2.2)

PLATFORMS
  ruby
  x86-mingw32

DEPENDENCIES
  nokogiri (~> 1.5.0)
  rake (~> 0.9.2)
